GEM
  remote: https://rubygems.org/
  specs:
    docx (0.6.0)
      nokogiri (~> 1.10, >= 1.10.4)
      rubyzip (~> 2.0)
    nokogiri (1.11.2-x86_64-linux)
      racc (~> 1.4)
    racc (1.5.2)
    rubyzip (2.3.0)
    tilt (2.0.10)

PLATFORMS
  x86_64-linux

DEPENDENCIES
  docx
  tilt (>= 1.4)

BUNDLED WITH
   2.2.7
